PATH
  remote: .
  specs:
    optitron (0.3.0)
      callsite (~> 0.0.4)
      method-args (~> 0.1.0)

GEM
  remote: http://rubygems.org/
  specs:
    callsite (0.0.4)
    method-args (0.1.0)
      ruby2ruby (~> 1.2.4)
      ruby_parser (~> 2.0)
      sexp_processor (~> 3.0.4)
    phocus (1.1)
    rake (0.8.7)
    rspec (1.3.0)
    ruby2ruby (1.2.5)
      ruby_parser (~> 2.0)
      sexp_processor (~> 3.0)
    ruby_parser (2.0.5)
      sexp_processor (~> 3.0)
    sexp_processor (3.0.5)

PLATFORMS
  ruby

DEPENDENCIES
  bundler (~> 1.0.0)
  callsite (~> 0.0.4)
  method-args (~> 0.1.0)
  optitron!
  phocus
  rake
  rspec
