PATH
  remote: .
  specs:
    optitron (0.1.1)
      callsite (= 0.0.4)
      ruby2ruby (= 1.2.4)
      ruby_parser (>= 2.0)
      sexp_processor (= 3.0.4)

GEM
  remote: http://rubygems.org/
  specs:
    callsite (0.0.4)
    rake (0.8.7)
    rspec (1.3.0)
    ruby2ruby (1.2.4)
      ruby_parser (~> 2.0)
      sexp_processor (~> 3.0)
    ruby_parser (2.0.4)
      sexp_processor (~> 3.0)
    sexp_processor (3.0.4)

PLATFORMS
  ruby

DEPENDENCIES
  bundler (>= 1.0.0.rc.3)
  callsite (= 0.0.4)
  optitron!
  rake
  rspec
  ruby2ruby (= 1.2.4)
  ruby_parser (>= 2.0)
  sexp_processor (= 3.0.4)
